GEM
  remote: https://rubygems.org/
  specs:
    whittle (0.0.8)

PLATFORMS
  ruby

DEPENDENCIES
  whittle (= 0.0.8)

BUNDLED WITH
   1.10.6
